PATH
  remote: .
  specs:
    raf (1.0.2)
      raf-parser (~> 0.2.1)
      raf2html (~> 0.0.5)

GEM
  remote: https://rubygems.org/
  specs:
    raf-parser (0.2.1)
    raf2html (0.0.5)
      raf-parser (~> 0.2.0)
    rake (10.1.0)

PLATFORMS
  ruby

DEPENDENCIES
  bundler (~> 1.3)
  raf!
  rake
