PATH
  remote: .
  specs:
    raf (1.0.5)
      raf-parser (~> 0.2.3)
      raf2html (~> 0.0.8)

GEM
  remote: https://rubygems.org/
  specs:
    mimemagic (0.2.1)
    raf-parser (0.2.3)
      mimemagic
    raf2html (0.0.8)
      raf-parser (>= 0.2.3)
    rake (10.1.0)

PLATFORMS
  ruby

DEPENDENCIES
  bundler (~> 1.3)
  raf!
  rake
