PATH
  remote: .
  specs:
    mok (1.1.2)
      mok-parser (~> 0.3.1)
      mok2html (~> 0.1.2)

GEM
  remote: https://rubygems.org/
  specs:
    mimemagic (0.2.1)
    mok-parser (0.3.1)
      mimemagic
    mok2html (0.1.2)
      mok-parser (>= 0.3.1)
    rake (10.1.0)

PLATFORMS
  ruby

DEPENDENCIES
  bundler (~> 1.3)
  mok!
  rake
